GEM
  remote: https://rubygems.org/
  specs:
    CFPropertyList (2.3.6)
    activesupport (7.0.3.1)
      concurrent-ruby (~> 1.0, >= 1.0.2)
      i18n (>= 1.6, < 2)
      minitest (>= 5.1)
      tzinfo (~> 2.0)
    atomos (0.1.2)
    claide (1.0.2)
    clamp (0.6.5)
    colored2 (3.1.2)
    concurrent-ruby (1.1.10)
    i18n (1.12.0)
      concurrent-ruby (~> 1.0)
    mini_portile2 (2.3.0)
    minitest (5.16.2)
    nanaimo (0.2.4)
    nokogiri (1.8.2)
      mini_portile2 (~> 2.3.0)
    slather (2.4.5)
      CFPropertyList (~> 2.2)
      activesupport (>= 4.0.2)
      clamp (~> 0.6)
      nokogiri (~> 1.8.2)
      xcodeproj (~> 1.4)
    tzinfo (2.0.5)
      concurrent-ruby (~> 1.0)
    xcodeproj (1.5.7)
      CFPropertyList (>= 2.3.3, < 4.0)
      atomos (~> 0.1.2)
      claide (>= 1.0.2, < 2.0)
      colored2 (~> 3.1)
      nanaimo (~> 0.2.4)

PLATFORMS
  ruby

DEPENDENCIES
  slather

BUNDLED WITH
   1.16.1
